GEM
  remote: https://rubygems.org/
  specs:
    addressable (2.5.2)
      public_suffix (>= 2.0.2, < 4.0)
    coveralls (0.7.2)
      multi_json (~> 1.3)
      rest-client (= 1.6.7)
      simplecov (>= 0.7)
      term-ansicolor (= 1.2.2)
      thor (= 0.18.1)
    diff-lcs (1.3)
    facter (2.5.1)
    facterdb (0.5.2)
      facter
      jgrep
    fast_gettext (1.1.2)
    gettext (3.2.9)
      locale (>= 2.0.5)
      text (>= 1.3.0)
    gettext-setup (0.30)
      fast_gettext (~> 1.1.0)
      gettext (>= 3.0.2)
      locale
    hiera (3.4.3)
    jgrep (1.5.0)
    json (2.3.1)
    json-schema (2.8.0)
      addressable (>= 2.4)
    json_pure (1.8.6)
    locale (2.1.2)
    mcollective-client (2.12.1)
      json
      stomp
      systemu
    metaclass (0.0.4)
    metadata-json-lint (2.1.0)
      json-schema (~> 2.8)
      spdx-licenses (~> 1.0)
    mime-types (3.1)
      mime-types-data (~> 3.2015)
    mime-types-data (3.2016.0521)
    mocha (1.5.0)
      metaclass (~> 0.0.1)
    multi_json (1.13.1)
    public_suffix (3.0.2)
    puppet (4.10.11)
      facter (> 2.0, < 4)
      gettext-setup (>= 0.10, < 1)
      hiera (>= 2.0, < 4)
      json_pure (~> 1.8)
      locale (~> 2.1)
    puppet-lint (2.3.5)
    puppet-lint-absolute_classname-check (0.2.5)
      puppet-lint (>= 1.0, < 3.0)
    puppet-lint-empty_string-check (0.2.2)
      puppet-lint (>= 1.0, < 3.0)
    puppet-lint-file_ensure-check (0.3.1)
      puppet-lint (>= 1.0, < 3.0)
    puppet-lint-leading_zero-check (0.1.1)
      puppet-lint (>= 1.0, < 3.0)
    puppet-lint-spaceship_operator_without_tag-check (0.1.1)
      puppet-lint (>= 1.0, < 3.0)
    puppet-lint-trailing_comma-check (0.3.2)
      puppet-lint (>= 1.0, < 3.0)
    puppet-lint-undef_in_function-check (0.2.1)
      puppet-lint (>= 1.0, < 3.0)
    puppet-lint-unquoted_string-check (0.3.0)
      puppet-lint (>= 1.0, < 3.0)
    puppet-lint-variable_contains_upcase (1.2.0)
      puppet-lint (>= 1.0, < 3.0)
    puppet-lint-version_comparison-check (0.2.1)
      puppet-lint (>= 1.0, < 3.0)
    puppet-syntax (2.4.1)
      rake
    puppetlabs_spec_helper (2.7.0)
      mocha (~> 1.0)
      puppet-lint (~> 2.0)
      puppet-syntax (~> 2.0)
      rspec-puppet (~> 2.0)
    rake (13.0.1)
    redcarpet (3.5.1)
    rest-client (1.6.7)
      mime-types (>= 1.16)
    rspec (3.7.0)
      rspec-core (~> 3.7.0)
      rspec-expectations (~> 3.7.0)
      rspec-mocks (~> 3.7.0)
    rspec-core (3.7.1)
      rspec-support (~> 3.7.0)
    rspec-expectations (3.7.0)
      diff-lcs (>= 1.2.0, < 2.0)
      rspec-support (~> 3.7.0)
    rspec-mocks (3.7.0)
      diff-lcs (>= 1.2.0, < 2.0)
      rspec-support (~> 3.7.0)
    rspec-puppet (2.6.11)
      rspec
    rspec-puppet-facts (1.9.0)
      facter
      facterdb (>= 0.5.0)
      json
      mcollective-client
      puppet
    rspec-support (3.7.1)
    ruby-augeas (0.5.0)
    simplecov (0.7.1)
      multi_json (~> 1.0)
      simplecov-html (~> 0.7.1)
    simplecov-html (0.7.1)
    spdx-licenses (1.1.0)
    stomp (1.4.4)
    systemu (2.6.5)
    term-ansicolor (1.2.2)
      tins (~> 0.8)
    text (1.3.1)
    thor (0.18.1)
    tins (0.13.2)
    yard (0.9.20)

PLATFORMS
  ruby

DEPENDENCIES
  coveralls
  metadata-json-lint
  puppet (>= 2.7)
  puppet-lint
  puppet-lint-absolute_classname-check
  puppet-lint-empty_string-check
  puppet-lint-file_ensure-check
  puppet-lint-leading_zero-check
  puppet-lint-spaceship_operator_without_tag-check
  puppet-lint-trailing_comma-check
  puppet-lint-undef_in_function-check
  puppet-lint-unquoted_string-check
  puppet-lint-variable_contains_upcase
  puppet-lint-version_comparison-check
  puppetlabs_spec_helper
  redcarpet (~> 3.5)
  rspec-puppet
  rspec-puppet-facts
  ruby-augeas (~> 0.3)
  simplecov (~> 0.7.0)
  yard

BUNDLED WITH
   1.16.1
